GIT
  remote: git://github.com/emk/rdf.git
  revision: 4ead07f01f2a2dc7452423a32493178ab62d2691
  specs:
    rdf (0.3.1)
      addressable (>= 2.2)

GEM
  remote: http://rubygems.org/
  specs:
    addressable (2.2.4)
    agraph (0.1.4)
      transport (>= 1.0.0)
    diff-lcs (1.1.2)
    json (1.4.6)
    rake (0.8.7)
    rdf-spec (0.3.1)
      rspec (>= 2.1)
    rspec (2.5.0)
      rspec-core (~> 2.5.0)
      rspec-expectations (~> 2.5.0)
      rspec-mocks (~> 2.5.0)
    rspec-core (2.5.1)
    rspec-expectations (2.5.0)
      diff-lcs (~> 1.1.2)
    rspec-mocks (2.5.0)
    transport (1.0.1)

PLATFORMS
  ruby

DEPENDENCIES
  agraph
  json
  rake
  rdf!
  rdf-spec
  rspec
