GEM
  remote: http://rubygems.org/
  specs:
    addressable (2.2.4)
    agraph (0.1.4)
      transport (>= 1.0.0)
    diff-lcs (1.1.2)
    json (1.5.1)
    rake (0.8.7)
    rcov (0.9.9)
    rdf (0.3.1)
      addressable (>= 2.2)
    rdf-spec (0.3.1)
      rspec (>= 2.1)
    rspec (2.5.0)
      rspec-core (~> 2.5.0)
      rspec-expectations (~> 2.5.0)
      rspec-mocks (~> 2.5.0)
    rspec-core (2.5.1)
    rspec-expectations (2.5.0)
      diff-lcs (~> 1.1.2)
    rspec-mocks (2.5.0)
    transport (1.0.1)
      json (>= 1.4.6)
    yard (0.6.4)

PLATFORMS
  ruby

DEPENDENCIES
  agraph (~> 0.1.4)
  json (>= 0.5.1)
  rake (>= 0.8.7)
  rcov (>= 0.9.9)
  rdf (~> 0.3.1)
  rdf-spec (~> 0.3.1)
  rspec (>= 2.5.0)
  yard (>= 0.6.0)
