PATH
  remote: .
  specs:
    rdf-agraph (0.4)
      agraph (~> 0.2)
      json (~> 1.7)
      rdf (~> 1.0)

GEM
  remote: https://rubygems.org/
  specs:
    addressable (2.3.3)
    agraph (0.2)
      transport (~> 1.0.5)
    diff-lcs (1.1.3)
    dotenv (0.5.0)
    json (1.7.7)
    rake (10.0.3)
    rdf (1.0.3)
      addressable (>= 2.2)
    rdf-spec (1.0.0)
      rspec (>= 2.12)
    rspec (2.12.0)
      rspec-core (~> 2.12.0)
      rspec-expectations (~> 2.12.0)
      rspec-mocks (~> 2.12.0)
    rspec-core (2.12.2)
    rspec-expectations (2.12.1)
      diff-lcs (~> 1.1.3)
    rspec-mocks (2.12.2)
    transport (1.0.5)
    yard (0.8.5.2)

PLATFORMS
  ruby

DEPENDENCIES
  dotenv (~> 0.5)
  rake (~> 10.0.0)
  rdf-agraph!
  rdf-spec (~> 1.0)
  rspec (~> 2.12.0)
  yard (~> 0.8)
