GEM
  remote: http://rubygems.org/
  specs:
    BlueCloth (1.0.1)
    addressable (2.2.8)
    agraph (0.1.5)
      transport (>= 1.0.0)
    diff-lcs (1.1.3)
    json (1.7.3)
    rake (0.9.2.2)
    rdf (0.3.7)
      addressable (>= 2.2.6)
    rdf-spec (0.3.5.1)
      rspec (>= 2.8.0)
    rspec (2.11.0)
      rspec-core (~> 2.11.0)
      rspec-expectations (~> 2.11.0)
      rspec-mocks (~> 2.11.0)
    rspec-core (2.11.0)
    rspec-expectations (2.11.1)
      diff-lcs (~> 1.1.3)
    rspec-mocks (2.11.0)
    transport (1.0.4)
    yard (0.8.2.1)

PLATFORMS
  ruby

DEPENDENCIES
  BlueCloth (>= 1.0.1)
  agraph (>= 0.1.5)
  json (~> 1.7)
  rake (>= 0.8.7)
  rdf (>= 0.3.5)
  rdf-spec (>= 0.3.5.1)
  rspec (>= 2.5.0)
  yard (>= 0.6.0)
